PATH
  remote: .
  specs:
    bootstrap-extended-utilities (0.1.0)

GEM
  remote: https://rubygems.org/
  specs:
    rake (12.3.3)

PLATFORMS
  ruby

DEPENDENCIES
  bootstrap-extended-utilities!
  bundler (~> 1.15)
  rake (~> 12.3)

BUNDLED WITH
   1.16.0.pre.3
